GEM
  remote: https://rubygems.org/
  specs:
    chunky_png (1.2.9)
    compass (0.12.2)
      chunky_png (~> 1.2)
      fssm (>= 0.2.7)
      sass (~> 3.1)
    fssm (0.2.10)
    rack (1.5.2)
    sass (3.2.13)
    sinatra (1.0)
      rack (>= 1.0)
    slim (2.0.2)
      temple (~> 0.6.6)
      tilt (>= 1.3.3, < 2.1)
    temple (0.6.7)
    tilt (2.0.0)

PLATFORMS
  ruby

DEPENDENCIES
  compass
  sass
  sinatra
  slim
